GEM
  remote: https://rubygems.org/
  specs:
    ffi (1.11.1)
    ffi (1.11.1-x64-mingw32)
    jekyll-paginate (1.1.0)
    jekyll-watch (1.4.0)
      listen (~> 3.0, < 3.1)
    listen (3.0.5)
      rb-fsevent (>= 0.9.3)
      rb-inotify (>= 0.9)
    rb-fsevent (0.9.7)
    rb-inotify (0.9.7)
      ffi (>= 0.5.0)
    redcarpet (3.5.1)
    rouge (1.10.1)

PLATFORMS
  ruby
  x64-mingw32

DEPENDENCIES
  jekyll-paginate
  jekyll-watch
  redcarpet
  rouge

BUNDLED WITH
   1.11.2
